GEM
  remote: https://rubygems.org/
  specs:
    regexp-examples (1.4.4)

PLATFORMS
  ruby

DEPENDENCIES
  regexp-examples

BUNDLED WITH
   2.0.1
